PATH
  remote: .
  specs:
    ghaki-registry (1.1.3)
      ghaki-app (>= 2011.11.29.1)

GEM
  remote: http://rubygems.org/
  specs:
    diff-lcs (1.1.3)
    ghaki-app (2011.11.29.1)
    metaclass (0.0.1)
    mocha (0.10.0)
      metaclass (~> 0.0.1)
    rdoc (3.9.4)
    rspec (2.6.0)
      rspec-core (~> 2.6.0)
      rspec-expectations (~> 2.6.0)
      rspec-mocks (~> 2.6.0)
    rspec-core (2.6.4)
    rspec-expectations (2.6.0)
      diff-lcs (~> 1.1.2)
    rspec-mocks (2.6.0)

PLATFORMS
  ruby

DEPENDENCIES
  ghaki-registry!
  mocha (>= 0.9.12)
  rdoc (>= 3.9.4)
  rspec (>= 2.4.0)
